PATH
  remote: ../blocRecord
  specs:
    bloc_record (0.0.0)
      activesupport
      pry
      sqlite3 (~> 1.3)

PATH
  remote: ../bloc_works
  specs:
    bloc_works (0.1.0)
      erubis (~> 2.7)

GEM
  remote: https://rubygems.org/
  specs:
    activesupport (4.2.7.1)
      i18n (~> 0.7)
      json (~> 1.7, >= 1.7.7)
      minitest (~> 5.1)
      thread_safe (~> 0.3, >= 0.3.4)
      tzinfo (~> 1.1)
    coderay (1.1.1)
    erubis (2.7.0)
    i18n (0.8.0)
    json (1.8.6)
    method_source (0.8.2)
    minitest (5.10.1)
    power_assert (0.2.6)
    pry (0.10.4)
      coderay (~> 1.1.0)
      method_source (~> 0.8.1)
      slop (~> 3.4)
    rack (1.6.8)
    rack-test (0.7.0)
      rack (>= 1.0, < 3)
    slop (3.6.0)
    sqlite3 (1.3.13)
    test-unit (3.2.5)
      power_assert
    thread_safe (0.3.5)
    tzinfo (1.2.2)
      thread_safe (~> 0.1)

PLATFORMS
  ruby

DEPENDENCIES
  bloc_record!
  bloc_works!
  rack (~> 1.6)
  rack-test
  test-unit

BUNDLED WITH
   1.12.5
